PATH
  remote: .
  specs:
    uv_media_validator (0.1.0)
      gif-info (~> 0.1)
      image_size (~> 2.0)
      streamio-ffmpeg (~> 3.0)

GEM
  remote: https://rubygems.org/
  specs:
    abstract (1.0.0)
    bit-packer (0.1.2)
    diff-lcs (1.3)
    frozen-objects (0.2.0)
    gif-info (0.1.1)
      abstract (>= 1.0.0)
      frozen-objects (>= 0.2.0)
      struct-fx (>= 0.1.1)
    image_size (2.0.0)
    multi_json (1.13.1)
    rake (13.0.6)
    rspec (3.8.0)
      rspec-core (~> 3.8.0)
      rspec-expectations (~> 3.8.0)
      rspec-mocks (~> 3.8.0)
    rspec-core (3.8.0)
      rspec-support (~> 3.8.0)
    rspec-expectations (3.8.2)
      diff-lcs (>= 1.2.0, < 2.0)
      rspec-support (~> 3.8.0)
    rspec-mocks (3.8.0)
      diff-lcs (>= 1.2.0, < 2.0)
      rspec-support (~> 3.8.0)
    rspec-support (3.8.0)
    streamio-ffmpeg (3.0.2)
      multi_json (~> 1.8)
    struct-fx (0.1.1)
      bit-packer (>= 0.1.0)
      frozen-objects (>= 0.2.0)

PLATFORMS
  ruby

DEPENDENCIES
  bundler (~> 2.0)
  rake (~> 13.0)
  rspec (~> 3.0)
  uv_media_validator!

BUNDLED WITH
   2.0.1
